PATH
  remote: .
  specs:
    right_popen (1.0.11)
      eventmachine (>= 0.12.10)

GEM
  remote: http://rubygems.org/
  specs:
    eventmachine (0.12.10)
    rspec (1.3.1)

PLATFORMS
  ruby

DEPENDENCIES
  right_popen!
  rspec (~> 1.3)
